PATH
  remote: .
  specs:
    whmcs-ruby (0.0.3)
      crack (= 0.1.8)

GEM
  remote: http://rubygems.org/
  specs:
    activesupport (3.2.17)
      i18n (~> 0.6, >= 0.6.4)
      multi_json (~> 1.0)
    crack (0.1.8)
    i18n (0.6.11)
    multi_json (1.10.1)
    shoulda (3.5.0)
      shoulda-context (~> 1.0, >= 1.0.1)
      shoulda-matchers (>= 1.4.1, < 3.0)
    shoulda-context (1.2.1)
    shoulda-matchers (2.5.0)
      activesupport (>= 3.0.0)

PLATFORMS
  ruby

DEPENDENCIES
  shoulda
  whmcs-ruby!
